GEM
  remote: https://rubygems.org/
  specs:
    colorize (0.7.3)
    diff-lcs (1.2.5)
    rspec (3.3.0)
      rspec-core (~> 3.3.0)
      rspec-expectations (~> 3.3.0)
      rspec-mocks (~> 3.3.0)
    rspec-bisect (0.1.3)
      colorize (= 0.7.3)
      rspec (> 2.12)
      ruby-progressbar (= 1.6.1)
    rspec-core (3.3.2)
      rspec-support (~> 3.3.0)
    rspec-expectations (3.3.1)
      diff-lcs (>= 1.2.0, < 2.0)
      rspec-support (~> 3.3.0)
    rspec-mocks (3.3.2)
      diff-lcs (>= 1.2.0, < 2.0)
      rspec-support (~> 3.3.0)
    rspec-support (3.3.0)
    ruby-progressbar (1.6.1)

PLATFORMS
  ruby

DEPENDENCIES
  rspec (~> 3.3)
  rspec-bisect (= 0.1.3)

BUNDLED WITH
   1.10.5
